PATH
  remote: .
  specs:
    tech404-index (0.3.0)
      activesupport
      dalli
      data_mapper
      dm-migrations
      dm-postgres-adapter
      faraday
      faye-websocket (~> 0.10.0)
      le
      multi_json (~> 1.11.2)
      newrelic_rpm
      pg
      puma
      rack-rewrite
      rake
      sequel
      sinatra
      skylight

GEM
  remote: https://rubygems.org/
  specs:
    activesupport (5.2.3)
      concurrent-ruby (~> 1.0, >= 1.0.2)
      i18n (>= 0.7, < 2)
      minitest (~> 5.1)
      tzinfo (~> 1.1)
    addressable (2.6.0)
      public_suffix (>= 2.0.2, < 4.0)
    bcrypt (3.1.13)
    bcrypt-ruby (3.1.5)
      bcrypt (>= 3.1.3)
    byebug (11.0.1)
    concurrent-ruby (1.1.5)
    dalli (2.7.10)
    data_mapper (1.2.0)
      dm-aggregates (~> 1.2.0)
      dm-constraints (~> 1.2.0)
      dm-core (~> 1.2.0)
      dm-migrations (~> 1.2.0)
      dm-serializer (~> 1.2.0)
      dm-timestamps (~> 1.2.0)
      dm-transactions (~> 1.2.0)
      dm-types (~> 1.2.0)
      dm-validations (~> 1.2.0)
    data_objects (0.10.17)
      addressable (~> 2.1)
    database_cleaner (1.7.0)
    dm-aggregates (1.2.0)
      dm-core (~> 1.2.0)
    dm-constraints (1.2.0)
      dm-core (~> 1.2.0)
    dm-core (1.2.1)
      addressable (~> 2.3)
    dm-do-adapter (1.2.0)
      data_objects (~> 0.10.6)
      dm-core (~> 1.2.0)
    dm-migrations (1.2.0)
      dm-core (~> 1.2.0)
    dm-postgres-adapter (1.2.0)
      dm-do-adapter (~> 1.2.0)
      do_postgres (~> 0.10.6)
    dm-serializer (1.2.2)
      dm-core (~> 1.2.0)
      fastercsv (~> 1.5)
      json (~> 1.6)
      json_pure (~> 1.6)
      multi_json (~> 1.0)
    dm-timestamps (1.2.0)
      dm-core (~> 1.2.0)
    dm-transactions (1.2.0)
      dm-core (~> 1.2.0)
    dm-types (1.2.2)
      bcrypt-ruby (~> 3.0)
      dm-core (~> 1.2.0)
      fastercsv (~> 1.5)
      json (~> 1.6)
      multi_json (~> 1.0)
      stringex (~> 1.4)
      uuidtools (~> 2.1)
    dm-validations (1.2.0)
      dm-core (~> 1.2.0)
    do_postgres (0.10.17)
      data_objects (= 0.10.17)
    docile (1.1.5)
    eventmachine (1.2.7)
    faraday (0.15.4)
      multipart-post (>= 1.2, < 3)
    fastercsv (1.5.5)
    faye-websocket (0.10.9)
      eventmachine (>= 0.12.0)
      websocket-driver (>= 0.5.1)
    i18n (1.6.0)
      concurrent-ruby (~> 1.0)
    json (1.8.3)
    json_pure (1.8.6)
    le (2.7.6)
    metaclass (0.0.4)
    minitest (5.11.3)
    mocha (1.1.0)
      metaclass (~> 0.0.1)
    multi_json (1.11.3)
    multipart-post (2.1.1)
    mustermann (1.0.3)
    newrelic_rpm (6.5.0.357)
    nio4r (2.4.0)
    pg (1.1.4)
    public_suffix (3.1.1)
    puma (4.0.1)
      nio4r (~> 2.0)
    rack (2.0.7)
    rack-protection (2.0.5)
      rack
    rack-rewrite (1.5.1)
    rake (12.3.3)
    sequel (5.23.0)
    simplecov (0.11.2)
      docile (~> 1.1.0)
      json (~> 1.8)
      simplecov-html (~> 0.10.0)
    simplecov-html (0.10.0)
    sinatra (2.0.5)
      mustermann (~> 1.0)
      rack (~> 2.0)
      rack-protection (= 2.0.5)
      tilt (~> 2.0)
    skylight (4.1.2)
      skylight-core (= 4.1.2)
    skylight-core (4.1.2)
      activesupport (>= 4.2.0)
    stringex (1.5.1)
    thread_safe (0.3.6)
    tilt (2.0.9)
    tzinfo (1.2.5)
      thread_safe (~> 0.1)
    uuidtools (2.1.5)
    websocket-driver (0.7.1)
      websocket-extensions (>= 0.1.0)
    websocket-extensions (0.1.4)

PLATFORMS
  ruby

DEPENDENCIES
  bundler (~> 1.17.3)
  byebug
  database_cleaner
  minitest
  mocha
  simplecov
  tech404-index!

RUBY VERSION
   ruby 2.3.0p0

BUNDLED WITH
   1.17.3
